GEM
  remote: https://rubygems.org/
  specs:
    diff-lcs (1.3)
    macos_utility (0.0.4)
      timeout (= 0.0)
    rake (10.5.0)
    rmagick (2.16.0)
    rspec (3.6.0)
      rspec-core (~> 3.6.0)
      rspec-expectations (~> 3.6.0)
      rspec-mocks (~> 3.6.0)
    rspec-core (3.6.0)
      rspec-support (~> 3.6.0)
    rspec-expectations (3.6.0)
      diff-lcs (>= 1.2.0, < 2.0)
      rspec-support (~> 3.6.0)
    rspec-mocks (3.6.0)
      diff-lcs (>= 1.2.0, < 2.0)
      rspec-support (~> 3.6.0)
    rspec-support (3.6.0)
    timeout (0.0.0)

PLATFORMS
  ruby

DEPENDENCIES
  macos_utility (~> 0.0.4)
  rake (~> 10.0)
  rmagick
  rspec (~> 3.0)

RUBY VERSION
   ruby 2.4.0p0

BUNDLED WITH
   1.14.6
